GEM
  remote: https://rubygems.org/
  specs:
    appium_lib (10.2.0)
      appium_lib_core (~> 3.0)
      nokogiri (~> 1.8, >= 1.8.1)
      tomlrb (~> 1.1)
    appium_lib_core (3.0.1)
      faye-websocket (~> 0.10.0)
      selenium-webdriver (~> 3.14, >= 3.14.1)
    byebug (11.0.0)
    childprocess (0.9.0)
      ffi (~> 1.0, >= 1.0.11)
    coderay (1.1.2)
    eventmachine (1.2.7-x64-mingw32)
    faye-websocket (0.10.7)
      eventmachine (>= 0.12.0)
      websocket-driver (>= 0.5.1)
    ffi (1.10.0-x64-mingw32)
    method_source (0.9.2)
    mini_magick (4.9.3)
    mini_portile2 (2.4.0)
    nokogiri (1.10.1-x64-mingw32)
      mini_portile2 (~> 2.4.0)
    ocra (1.3.10)
    pry (0.12.2)
      coderay (~> 1.1.0)
      method_source (~> 0.9.0)
    pry-byebug (3.7.0)
      byebug (~> 11.0)
      pry (~> 0.10)
    pry-doc (1.0.0)
      pry (~> 0.11)
      yard (~> 0.9.11)
    rubyzip (1.2.2)
    selenium-webdriver (3.141.0)
      childprocess (~> 0.5)
      rubyzip (~> 1.2, >= 1.2.2)
    tomlrb (1.2.8)
    websocket-driver (0.7.0)
      websocket-extensions (>= 0.1.0)
    websocket-extensions (0.1.3)
    yard (0.9.18)

PLATFORMS
  x64-mingw32

DEPENDENCIES
  appium_lib
  mini_magick
  ocra
  pry
  pry-byebug
  pry-doc
  selenium-webdriver

BUNDLED WITH
   2.0.1
